GEM
  remote: https://rubygems.org/
  specs:
    byebug (9.1.0)
    coderay (1.1.2)
    concurrent-ruby (1.0.5)
    diff-lcs (1.3)
    i18n (0.9.4)
      concurrent-ruby (~> 1.0)
    jasmine (3.0.0)
      jasmine-core (= 3.0.0)
      phantomjs
      rack (>= 1.2.1)
      rake
    jasmine-core (3.0.0)
    json (2.1.0)
    method_source (0.9.0)
    mustermann (1.0.1)
    phantomjs (2.1.1.0)
    pry (0.11.3)
      coderay (~> 1.1.0)
      method_source (~> 0.9.0)
    pry-byebug (3.5.1)
      byebug (~> 9.1)
      pry (~> 0.10)
    rack (2.0.4)
    rack-protection (2.0.0)
      rack
    rack-test (0.8.2)
      rack (>= 1.0, < 3)
    rake (12.3.0)
    rspec (3.7.0)
      rspec-core (~> 3.7.0)
      rspec-expectations (~> 3.7.0)
      rspec-mocks (~> 3.7.0)
    rspec-core (3.7.1)
      rspec-support (~> 3.7.0)
    rspec-expectations (3.7.0)
      diff-lcs (>= 1.2.0, < 2.0)
      rspec-support (~> 3.7.0)
    rspec-mocks (3.7.0)
      diff-lcs (>= 1.2.0, < 2.0)
      rspec-support (~> 3.7.0)
    rspec-support (3.7.1)
    shotgun (0.9.2)
      rack (>= 1.0)
    sinatra (2.0.0)
      mustermann (~> 1.0)
      rack (~> 2.0)
      rack-protection (= 2.0.0)
      tilt (~> 2.0)
    tilt (2.0.8)

PLATFORMS
  ruby

DEPENDENCIES
  i18n
  jasmine
  json
  pry-byebug
  rack
  rack-test
  rspec
  shotgun
  sinatra

BUNDLED WITH
   1.16.1
